GEM
  remote: https://rubygems.org/
  specs:
    haml (4.0.4)
      tilt
    haversine (0.3.0)
    multi_json (1.9.2)
    newrelic_rpm (3.6.8.168)
    rack (1.5.2)
    rack-protection (1.5.3)
      rack
    rack-timeout (0.1.1)
    sinatra (1.4.5)
      rack (~> 1.4)
      rack-protection (~> 1.4)
      tilt (~> 1.3, >= 1.3.4)
    sinatra-jsonp (0.4.3)
      multi_json (~> 1.8)
      sinatra (~> 1.0)
    static_model (1.0.4)
    tilt (1.4.1)

PLATFORMS
  ruby

DEPENDENCIES
  haml
  haversine
  newrelic_rpm
  rack-timeout
  sinatra
  sinatra-jsonp
  static_model
